GEM
  remote: https://rubygems.org/
  specs:
    bourbon (4.0.2)
      sass (~> 3.3)
      thor
    haml (5.0.0)
      temple (>= 0.8.0)
      tilt
    jasmine (2.0.2)
      jasmine-core (~> 2.0.0)
      phantomjs
      rack (>= 1.2.1)
      rake
    jasmine-core (2.0.0)
    neat (1.6.0)
      bourbon (>= 3.1)
      sass (>= 3.3)
    phantomjs (1.9.7.1)
    rack (1.5.2)
    rake (10.3.2)
    sass (3.3.8)
    temple (0.8.2)
    thor (0.19.1)
    tilt (2.0.10)

PLATFORMS
  ruby

DEPENDENCIES
  bourbon
  haml
  jasmine
  neat
  rake
  sass
